GEM
  remote: https://rubygems.org/
  specs:
    io-wait (0.1.0)
    json (2.5.1)
    net-http (0.1.1)
      net-protocol
      uri
    net-protocol (0.1.0)
      io-wait
      timeout
    rake (13.0.3)
    timeout (0.1.1)
    uri (0.12.2)

PLATFORMS
  x86_64-darwin-19
  x86_64-linux

DEPENDENCIES
  json
  net-http
  rake

RUBY VERSION
   ruby 3.0.0p0

BUNDLED WITH
   2.2.4
